GEM
  remote: http://rubygems.org/
  specs:
    Saikuro (1.1.0)
    activesupport (3.1.1)
      multi_json (~> 1.0)
    builder (3.0.0)
    chronic (0.3.0)
    churn (0.0.13)
      chronic (>= 0.2.3)
      hirb
      json_pure
      main
      ruby_parser (~> 2.0.4)
      sexp_processor (~> 3.0.3)
    ci_reporter (1.6.5)
      builder (>= 2.1.2)
    colored (1.2)
    erubis (2.7.0)
    flay (1.4.3)
      ruby_parser (~> 2.0)
      sexp_processor (~> 3.0)
    flog (2.5.3)
      ruby_parser (~> 2.0)
      sexp_processor (~> 3.0)
    hirb (0.5.0)
    i18n (0.6.0)
    json_pure (1.6.1)
    main (4.7.1)
    metaclass (0.0.1)
    metric_fu (2.1.1)
      Saikuro (>= 1.1.0)
      activesupport (>= 2.0.0)
      chronic (~> 0.3.0)
      churn (>= 0.0.7)
      flay (>= 1.2.1)
      flog (>= 2.3.0)
      rails_best_practices (>= 0.6.4)
      rcov (>= 0.8.3.3)
      reek (>= 1.2.6)
      roodi (>= 2.1.0)
      syntax
    mocha (0.10.0)
      metaclass (~> 0.0.1)
    multi_json (1.0.3)
    progressbar (0.9.1)
    rails_best_practices (1.1.0)
      activesupport
      colored
      erubis
      i18n
      progressbar
      sexp_processor
    rake (0.9.2)
    rcov (0.9.11)
    reek (1.2.8)
      ruby2ruby (~> 1.2)
      ruby_parser (~> 2.0)
      sexp_processor (~> 3.0)
    roodi (2.1.0)
      ruby_parser
    ruby2ruby (1.3.1)
      ruby_parser (~> 2.0)
      sexp_processor (~> 3.0)
    ruby_parser (2.0.6)
      sexp_processor (~> 3.0)
    sexp_processor (3.0.7)
    shoulda (2.11.3)
    syntax (1.0.0)

PLATFORMS
  ruby

DEPENDENCIES
  ci_reporter (~> 1.6.5)
  metric_fu (~> 2.1.1)
  mocha
  rake (>= 0.9.2)
  shoulda
